GEM
  remote: https://rubygems.org/
  specs:
    json (1.8.1)
    midilib (2.0.5)

PLATFORMS
  ruby

DEPENDENCIES
  json
  midilib
